GEM
  remote: https://rubygems.org/
  specs:
    ansi (1.5.0)
    docile (1.3.1)
    hirb (0.7.3)
    json (2.1.0)
    simplecov (0.16.1)
      docile (~> 1.1)
      json (>= 1.8, < 3)
      simplecov-html (~> 0.10.0)
    simplecov-console (0.4.2)
      ansi
      hirb
      simplecov
    simplecov-html (0.10.2)

PLATFORMS
  ruby

DEPENDENCIES
  simplecov
  simplecov-console

BUNDLED WITH
   2.0.1
